GEM
  remote: https://rubygems.org/
  specs:
    aspectr (0.3.7)
    sorcerer (1.0.2)

PLATFORMS
  ruby
  x86-mingw32

DEPENDENCIES
  aspectr
  sorcerer
